GEM
  remote: http://rubygems.org/
  specs:
    hpricot (0.8.4)
    json (1.5.3)
    mime-types (1.16)
    rack (1.3.1)
    rest-client (1.6.3)
      mime-types (>= 1.16)
    sinatra (1.2.6)
      rack (~> 1.1)
      tilt (< 2.0, >= 1.2.2)
    tilt (1.3.2)

PLATFORMS
  ruby

DEPENDENCIES
  hpricot
  json
  rest-client
  sinatra
